GEM
  remote: https://rubygems.org/
  specs:
    activesupport (4.2.1)
      i18n (~> 0.7)
      json (~> 1.7, >= 1.7.7)
      minitest (~> 5.1)
      thread_safe (~> 0.3, >= 0.3.4)
      tzinfo (~> 1.1)
    elasticsearch (1.0.8)
      elasticsearch-api (= 1.0.7)
      elasticsearch-transport (= 1.0.7)
    elasticsearch-api (1.0.7)
      multi_json
    elasticsearch-transport (1.0.7)
      faraday
      multi_json
    factory_girl (4.5.0)
      activesupport (>= 3.0.0)
    faraday (0.9.1)
      multipart-post (>= 1.2, < 3)
    i18n (0.7.0)
    json (1.8.3)
    minitest (5.6.1)
    multi_json (1.11.0)
    multipart-post (2.0.0)
    thor (0.19.1)
    thread_safe (0.3.5)
    tzinfo (1.2.2)
      thread_safe (~> 0.1)

PLATFORMS
  ruby

DEPENDENCIES
  activesupport
  elasticsearch
  elasticsearch-api
  factory_girl
  thor
