GEM
  remote: https://rubygems.org/
  specs:
    aws-sdk (2.3.12)
      aws-sdk-resources (= 2.3.12)
    aws-sdk-core (2.3.12)
      jmespath (~> 1.0)
    aws-sdk-resources (2.3.12)
      aws-sdk-core (= 2.3.12)
    jmespath (1.2.4)
      json_pure (>= 1.8.1)
    json_pure (1.8.3)
    thor (0.19.1)

PLATFORMS
  ruby

DEPENDENCIES
  aws-sdk
  thor
